GEM
  remote: http://rubygems.org/
  specs:
    rsruby (0.5.1.1)

PLATFORMS
  ruby

DEPENDENCIES
  rsruby
